FRAMEWORK: >= NET40
NUGET
  remote: https://www.nuget.org/api/v2
  specs:
    FSharp.Core (4.0.0.1)
    NUnit (2.6.4)
